GEM
  remote: https://rubygems.org/
  specs:
    ansi (1.5.0)
    ast (2.4.0)
    builder (3.2.3)
    countries (5.2.0)
      unaccent (~> 0.3)
    date (2.0.0)
    jaro_winkler (1.5.2)
    minitest (5.11.3)
    minitest-reporters (1.3.6)
      ansi
      builder
      minitest (>= 5.0)
      ruby-progressbar
    parallel (1.17.0)
    parser (2.6.2.1)
      ast (~> 2.4.0)
    psych (3.1.0)
    rainbow (3.0.0)
    rake (12.3.3)
    rubocop (0.67.2)
      jaro_winkler (~> 1.5.1)
      parallel (~> 1.10)
      parser (>= 2.5, != 2.5.1.1)
      psych (>= 3.1.0)
      rainbow (>= 2.2.2, < 4.0)
      ruby-progressbar (~> 1.7)
      unicode-display_width (>= 1.4.0, < 1.6)
    ruby-progressbar (1.10.0)
    unaccent (0.4.0)
    unicode-display_width (1.5.0)

PLATFORMS
  ruby

DEPENDENCIES
  countries
  date
  minitest
  minitest-reporters
  rake
  rubocop

RUBY VERSION
   ruby 2.7.5p203

BUNDLED WITH
   2.1.4
